GEM
  remote: http://rubygems.org/
  specs:
    curb (0.8.3)
    nokogiri (1.5.6)

PLATFORMS
  ruby

DEPENDENCIES
  curb
  nokogiri
